PATH
  remote: .
  specs:
    net-ssh-krb (0.2.7)
      gssapi (~> 1.1.2)
      net-ssh (>= 2.0)

GEM
  remote: http://rubygems.org/
  specs:
    diff-lcs (1.2.2)
    ffi (1.6.0)
    gssapi (1.1.2)
      ffi (>= 1.0.1)
    net-ssh (2.6.6)
    rspec (2.13.0)
      rspec-core (~> 2.13.0)
      rspec-expectations (~> 2.13.0)
      rspec-mocks (~> 2.13.0)
    rspec-core (2.13.1)
    rspec-expectations (2.13.0)
      diff-lcs (>= 1.1.3, < 2.0)
    rspec-mocks (2.13.0)

PLATFORMS
  ruby

DEPENDENCIES
  gssapi
  net-ssh-krb!
  rspec
